PATH
  remote: .
  specs:
    rack-cache-tags (0.0.6)
      rack-cache-purge

GEM
  remote: http://rubygems.org/
  specs:
    activemodel (3.0.0)
      activesupport (= 3.0.0)
      builder (~> 2.1.2)
      i18n (~> 0.4.1)
    activerecord (3.0.0)
      activemodel (= 3.0.0)
      activesupport (= 3.0.0)
      arel (~> 1.0.0)
      tzinfo (~> 0.3.23)
    activesupport (3.0.0)
    arel (1.0.1)
      activesupport (~> 3.0.0)
    builder (2.1.2)
    database_cleaner (0.5.2)
    i18n (0.4.1)
    rack (1.2.1)
    rack-cache (0.5.3)
      rack (>= 0.4)
    rack-cache-purge (0.0.2)
      rack-cache (~> 0.5)
    sqlite3-ruby (1.3.1)
    test_declarative (0.0.4)
    tzinfo (0.3.23)

PLATFORMS
  ruby

DEPENDENCIES
  activerecord
  database_cleaner
  rack
  rack-cache-purge
  rack-cache-tags!
  sqlite3-ruby
  test_declarative
